PATH
  remote: .
  specs:
    css_parser (1.4.6)
      addressable

GEM
  remote: https://rubygems.org/
  specs:
    addressable (2.4.0)
    bump (0.5.3)
    jruby-openssl (0.9.17-java)
    maxitest (2.0.1)
      minitest (>= 5.0.0, < 5.10.0)
    minitest (5.9.0)
    rake (11.2.2)

PLATFORMS
  java
  ruby

DEPENDENCIES
  bump
  css_parser!
  jruby-openssl
  maxitest
  rake

BUNDLED WITH
   1.12.5
