PATH
  remote: .
  specs:
    css_parser (1.2.4)
      addressable

GEM
  remote: http://rubygems.org/
  specs:
    addressable (2.2.6)

PLATFORMS
  ruby

DEPENDENCIES
  css_parser!
