PATH
  remote: .
  specs:
    css_parser (1.2.5)
      addressable
      rdoc

GEM
  remote: http://rubygems.org/
  specs:
    addressable (2.2.6)
    bouncy-castle-java (1.5.0146.1)
    jruby-openssl (0.7.4)
      bouncy-castle-java
    rake (0.9.2)
    rdoc (3.9.4)

PLATFORMS
  java
  ruby

DEPENDENCIES
  css_parser!
  jruby-openssl
  rake
