PATH
  remote: .
  specs:
    css_parser (1.4.0)
      addressable

GEM
  remote: https://rubygems.org/
  specs:
    addressable (2.3.6)
    bouncy-castle-java (1.5.0146.1)
    bump (0.3.12)
    jruby-openssl (0.7.6.1)
      bouncy-castle-java (>= 1.5.0146.1)
    maxitest (1.5.4)
      minitest (>= 5.0.0, < 5.9.0)
    minitest (5.8.0)
    rake (0.9.2.2)

PLATFORMS
  java
  ruby

DEPENDENCIES
  bump
  css_parser!
  jruby-openssl
  maxitest
  rake

BUNDLED WITH
   1.11.2
